GIT
  remote: git://github.com/nervosnetwork/ckb-sdk-ruby.git
  revision: 2fc7ed1664c9386c4bf2d124e74b757e312ccdae
  ref: 2fc7ed1664c9386c4bf2d124e74b757e312ccdae
  specs:
    ckb-sdk-ruby (0.11.0)
      bitcoin-secp256k1 (~> 0.5.0)
      rbnacl (~> 6.0, >= 6.0.1)

GEM
  specs:
    bitcoin-secp256k1 (0.5.0)
      ffi (>= 1.9.25)
    ffi (1.9.25)
    rbnacl (6.0.1)
      ffi

PLATFORMS
  ruby

DEPENDENCIES
  ckb-sdk-ruby!

BUNDLED WITH
   2.0.1
