GIT
  remote: git://github.com/nervosnetwork/ckb-sdk-ruby.git
  revision: ed1c22c60ce38af02f45e0392137a7faa7fefef7
  branch: develop
  specs:
    ckb-sdk-ruby (0.9.0)
      bitcoin-secp256k1 (~> 0.5.0)
      rbnacl (~> 6.0, >= 6.0.1)

GEM
  specs:
    bitcoin-secp256k1 (0.5.0)
      ffi (>= 1.9.25)
    ffi (1.9.25)
    rbnacl (6.0.1)
      ffi

PLATFORMS
  ruby

DEPENDENCIES
  ckb-sdk-ruby!

BUNDLED WITH
   2.0.1
