GIT
  remote: git://github.com/nervosnetwork/ckb-sdk-ruby.git
  revision: e487b9f9db1993893c36a1725823282d44b5614a
  ref: e487b9f9db1993893c36a1725823282d44b5614a
  specs:
    ckb-sdk-ruby (0.9.0)
      bitcoin-secp256k1 (~> 0.5.0)
      rbnacl (~> 6.0, >= 6.0.1)

GEM
  specs:
    bitcoin-secp256k1 (0.5.0)
      ffi (>= 1.9.25)
    ffi (1.9.25)
    rbnacl (6.0.1)
      ffi

PLATFORMS
  ruby

DEPENDENCIES
  ckb-sdk-ruby!

BUNDLED WITH
   2.0.1
