GIT
  remote: git://github.com/nervosnetwork/ckb-sdk-ruby.git
  revision: d71e3f5c1be3773b311b4154c45f224e7ac9b7e5
  ref: d71e3f5c1be3773b311b4154c45f224e7ac9b7e5
  specs:
    ckb-sdk-ruby (0.11.0)
      bitcoin-secp256k1 (~> 0.5.0)
      rbnacl (~> 6.0, >= 6.0.1)

GEM
  specs:
    bitcoin-secp256k1 (0.5.0)
      ffi (>= 1.9.25)
    ffi (1.9.25)
    rbnacl (6.0.1)
      ffi

PLATFORMS
  ruby

DEPENDENCIES
  ckb-sdk-ruby!

BUNDLED WITH
   2.0.1
