GIT
  remote: git://github.com/nervosnetwork/ckb-sdk-ruby.git
  revision: 6f346c524141b9d06bea6e357b51c5c08f435a36
  ref: 6f346c524141b9d06bea6e357b51c5c08f435a36
  specs:
    ckb-sdk-ruby (0.9.0)
      bitcoin-secp256k1 (~> 0.5.0)
      rbnacl (~> 6.0, >= 6.0.1)

GEM
  specs:
    bitcoin-secp256k1 (0.5.0)
      ffi (>= 1.9.25)
    ffi (1.9.25)
    rbnacl (6.0.1)
      ffi

PLATFORMS
  ruby

DEPENDENCIES
  ckb-sdk-ruby!

BUNDLED WITH
   2.0.1
